PATH
  remote: .
  specs:
    fluent-plugin-heroku-http (0.0.2)
      fluentd (>= 1.0)

GEM
  remote: https://rubygems.org/
  specs:
    concurrent-ruby (1.1.9)
    cool.io (1.7.1)
    fluentd (1.14.4)
      bundler
      cool.io (>= 1.4.5, < 2.0.0)
      http_parser.rb (>= 0.5.1, < 0.9.0)
      msgpack (>= 1.3.1, < 2.0.0)
      serverengine (>= 2.2.2, < 3.0.0)
      sigdump (~> 0.2.2)
      strptime (>= 0.2.4, < 1.0.0)
      tzinfo (>= 1.0, < 3.0)
      tzinfo-data (~> 1.0)
      webrick (>= 1.4.2, < 1.8.0)
      yajl-ruby (~> 1.0)
    http_parser.rb (0.8.0)
    msgpack (1.4.4)
    power_assert (2.0.1)
    rake (13.0.6)
    serverengine (2.2.5)
      sigdump (~> 0.2.2)
    sigdump (0.2.4)
    strptime (0.2.5)
    test-unit (3.5.3)
      power_assert
    tzinfo (2.0.4)
      concurrent-ruby (~> 1.0)
    tzinfo-data (1.2021.5)
      tzinfo (>= 1.0.0)
    webrick (1.7.0)
    yajl-ruby (1.4.1)

PLATFORMS
  x86_64-linux

DEPENDENCIES
  fluent-plugin-heroku-http!
  rake
  test-unit (~> 3.5.3)

BUNDLED WITH
   2.3.3
